PATH
  remote: .
  specs:
    colorize (0.8.1)

GEM
  remote: https://rubygems.org/
  specs:
    codeclimate-test-reporter (0.6.0)
      simplecov (>= 0.7.1, < 1.0.0)
    docile (1.3.1)
    json (1.8.6)
    minitest (5.11.3)
    rake (10.5.0)
    simplecov (0.16.1)
      docile (~> 1.1)
      json (>= 1.8, < 3)
      simplecov-html (~> 0.10.0)
    simplecov-html (0.10.2)

PLATFORMS
  ruby

DEPENDENCIES
  codeclimate-test-reporter (~> 0.4)
  colorize!
  json (~> 1.0)
  minitest (~> 5.0)
  rake (~> 10.0)

BUNDLED WITH
   1.16.1
